PATH
  remote: .
  specs:
    pseudocode (0.1.1)
      execjs (~> 2.8)
      katex (~> 0.8)

GEM
  remote: https://rubygems.org/
  specs:
    execjs (2.8.1)
    katex (0.8.0)
      execjs (~> 2.7)

PLATFORMS
  x86_64-linux

DEPENDENCIES
  pseudocode!

BUNDLED WITH
   2.2.33
